GIT
  remote: https://github.com/spree-contrib/spree_reviews.git
  revision: 36ef2809191c79729b93e00518aa74bf9c93b6c4
  specs:
    spree_reviews (4.0.0)
      deface (~> 1.0)
      spree_api (>= 4.5)
      spree_backend (>= 4.5)
      spree_core (>= 4.5)
      spree_extension
      spree_frontend (>= 4.5)

GIT
  remote: https://github.com/zainrafique/spree-multi-domain.git
  revision: f35ea0c693a2eb4d8817b6a9a7700feae18faa66
  specs:
    spree_multi_domain (3.3.2)
      deface (~> 1.0)
      paperclip
      spree_analytics_trackers
      spree_api (>= 3.1.0, < 5.0)
      spree_backend (>= 3.1.0, < 5.0)
      spree_core (>= 3.1.0, < 5.0)
      spree_extension
      spree_frontend (>= 3.1.0, < 5.0)

GEM
  remote: https://rubygems.org/
  specs:
    actioncable (7.2.2)
      actionpack (= 7.2.2)
      activesupport (= 7.2.2)
      nio4r (~> 2.0)
      websocket-driver (>= 0.6.1)
      zeitwerk (~> 2.6)
    actionmailbox (7.2.2)
      actionpack (= 7.2.2)
      activejob (= 7.2.2)
      activerecord (= 7.2.2)
      activestorage (= 7.2.2)
      activesupport (= 7.2.2)
      mail (>= 2.8.0)
    actionmailer (7.2.2)
      actionpack (= 7.2.2)
      actionview (= 7.2.2)
      activejob (= 7.2.2)
      activesupport (= 7.2.2)
      mail (>= 2.8.0)
      rails-dom-testing (~> 2.2)
    actionpack (7.2.2)
      actionview (= 7.2.2)
      activesupport (= 7.2.2)
      nokogiri (>= 1.8.5)
      racc
      rack (>= 2.2.4, < 3.2)
      rack-session (>= 1.0.1)
      rack-test (>= 0.6.3)
      rails-dom-testing (~> 2.2)
      rails-html-sanitizer (~> 1.6)
      useragent (~> 0.16)
    actiontext (7.2.2)
      actionpack (= 7.2.2)
      activerecord (= 7.2.2)
      activestorage (= 7.2.2)
      activesupport (= 7.2.2)
      globalid (>= 0.6.0)
      nokogiri (>= 1.8.5)
    actionview (7.2.2)
      activesupport (= 7.2.2)
      builder (~> 3.1)
      erubi (~> 1.11)
      rails-dom-testing (~> 2.2)
      rails-html-sanitizer (~> 1.6)
    active_link_to (1.0.5)
      actionpack
      addressable
    active_storage_validations (1.3.4)
      activejob (>= 6.1.4)
      activemodel (>= 6.1.4)
      activestorage (>= 6.1.4)
      activesupport (>= 6.1.4)
      marcel (>= 1.0.3)
    activejob (7.2.2)
      activesupport (= 7.2.2)
      globalid (>= 0.3.6)
    activemerchant (1.137.0)
      activesupport (>= 4.2)
      builder (>= 2.1.2, < 4.0.0)
      i18n (>= 0.6.9)
      nokogiri (~> 1.4)
      rexml (~> 3.3, >= 3.3.4)
    activemodel (7.2.2)
      activesupport (= 7.2.2)
    activerecord (7.2.2)
      activemodel (= 7.2.2)
      activesupport (= 7.2.2)
      timeout (>= 0.4.0)
    activerecord-typedstore (1.6.0)
      activerecord (>= 6.1)
    activestorage (7.2.2)
      actionpack (= 7.2.2)
      activejob (= 7.2.2)
      activerecord (= 7.2.2)
      activesupport (= 7.2.2)
      marcel (~> 1.0)
    activesupport (7.2.2)
      base64
      benchmark (>= 0.3)
      bigdecimal
      concurrent-ruby (~> 1.0, >= 1.3.1)
      connection_pool (>= 2.2.5)
      drb
      i18n (>= 1.6, < 2)
      logger (>= 1.4.2)
      minitest (>= 5.1)
      securerandom (>= 0.3)
      tzinfo (~> 2.0, >= 2.0.5)
    acts_as_list (1.2.4)
      activerecord (>= 6.1)
      activesupport (>= 6.1)
    addressable (2.8.7)
      public_suffix (>= 2.0.2, < 7.0)
    ast (2.4.2)
    auto_strip_attributes (2.6.0)
      activerecord (>= 4.0)
    autoprefixer-rails (10.4.19.0)
      execjs (~> 2)
    awesome_nested_set (3.8.0)
      activerecord (>= 4.0.0, < 8.1)
    babel-source (5.8.35)
    babel-transpiler (0.7.0)
      babel-source (>= 4.0, < 6)
      execjs (~> 2.0)
    base64 (0.2.0)
    bcrypt (3.1.20)
    benchmark (0.4.0)
    bigdecimal (3.1.8)
    bindex (0.8.1)
    bootsnap (1.18.4)
      msgpack (~> 1.2)
    bootstrap (4.6.2.1)
      autoprefixer-rails (>= 9.1.0)
      popper_js (>= 1.16.1, < 2)
    brakeman (6.2.2)
      racc
    builder (3.3.0)
    cancancan (3.6.1)
    canonical-rails (0.2.16)
      actionview (>= 4.1, < 7.3)
    capybara (3.40.0)
      addressable
      matrix
      mini_mime (>= 0.1.3)
      nokogiri (~> 1.11)
      rack (>= 1.6.0)
      rack-test (>= 0.6.3)
      regexp_parser (>= 1.5, < 3.0)
      xpath (~> 3.2)
    carmen (1.1.3)
      activesupport (>= 3.0.0)
    climate_control (0.2.0)
    concurrent-ruby (1.3.4)
    connection_pool (2.4.1)
    crass (1.0.6)
    date (3.4.0)
    debug (1.9.2)
      irb (~> 1.10)
      reline (>= 0.3.8)
    deface (1.9.0)
      actionview (>= 5.2)
      nokogiri (>= 1.6)
      polyglot
      railties (>= 5.2)
      rainbow (>= 2.1.0)
    devise (4.9.4)
      bcrypt (~> 3.0)
      orm_adapter (~> 0.1)
      railties (>= 4.1.0)
      responders
      warden (~> 1.2.3)
    devise-encryptable (0.2.0)
      devise (>= 2.1.0)
    doorkeeper (5.8.0)
      railties (>= 5)
    drb (2.2.1)
    erubi (1.13.0)
    execjs (2.10.0)
    ffaker (2.23.0)
    ffi (1.17.0-aarch64-linux-gnu)
    ffi (1.17.0-aarch64-linux-musl)
    ffi (1.17.0-arm-linux-gnu)
    ffi (1.17.0-arm-linux-musl)
    ffi (1.17.0-arm64-darwin)
    ffi (1.17.0-x86-linux-gnu)
    ffi (1.17.0-x86-linux-musl)
    ffi (1.17.0-x86_64-darwin)
    ffi (1.17.0-x86_64-linux-gnu)
    ffi (1.17.0-x86_64-linux-musl)
    flag-icons-rails (3.4.6.1)
      sass-rails
    flatpickr (4.6.13.1)
    friendly_id (5.4.2)
      activerecord (>= 4.0.0)
    friendly_id-mobility (1.0.4)
      friendly_id (>= 5.0.0, < 5.5)
      mobility (>= 1.0.1, < 2.0)
    globalid (1.2.1)
      activesupport (>= 6.1)
    glyphicons (1.0.2)
    highline (3.1.1)
      reline
    i18n (1.14.6)
      concurrent-ruby (~> 1.0)
    image_processing (1.13.0)
      mini_magick (>= 4.9.5, < 5)
      ruby-vips (>= 2.0.17, < 3)
    importmap-rails (2.0.3)
      actionpack (>= 6.0.0)
      activesupport (>= 6.0.0)
      railties (>= 6.0.0)
    inline_svg (1.10.0)
      activesupport (>= 3.0)
      nokogiri (>= 1.6)
    io-console (0.7.2)
    irb (1.14.1)
      rdoc (>= 4.0.0)
      reline (>= 0.4.2)
    jbuilder (2.13.0)
      actionview (>= 5.0.0)
      activesupport (>= 5.0.0)
    jquery-rails (4.6.0)
      rails-dom-testing (>= 1, < 3)
      railties (>= 4.2.0)
      thor (>= 0.14, < 2.0)
    jquery-ui-rails (7.0.0)
      railties (>= 3.2.16)
    json (2.8.2)
    jsonapi-serializer (2.2.0)
      activesupport (>= 4.2)
    kaminari (1.2.2)
      activesupport (>= 4.1.0)
      kaminari-actionview (= 1.2.2)
      kaminari-activerecord (= 1.2.2)
      kaminari-core (= 1.2.2)
    kaminari-actionview (1.2.2)
      actionview
      kaminari-core (= 1.2.2)
    kaminari-activerecord (1.2.2)
      activerecord
      kaminari-core (= 1.2.2)
    kaminari-core (1.2.2)
    language_server-protocol (3.17.0.3)
    logger (1.6.1)
    loofah (2.23.1)
      crass (~> 1.0.2)
      nokogiri (>= 1.12.0)
    mail (2.8.1)
      mini_mime (>= 0.1.1)
      net-imap
      net-pop
      net-smtp
    marcel (1.0.4)
    matrix (0.4.2)
    mime-types (3.6.0)
      logger
      mime-types-data (~> 3.2015)
    mime-types-data (3.2024.1105)
    mimemagic (0.3.10)
      nokogiri (~> 1)
      rake
    mini_magick (4.13.2)
    mini_mime (1.1.5)
    minitest (5.25.2)
    mobility (1.2.9)
      i18n (>= 0.6.10, < 2)
      request_store (~> 1.0)
    mobility-ransack (1.2.2)
      mobility (>= 1.0.1, < 2.0)
      ransack (>= 1.8.0, < 5.0)
    monetize (1.13.0)
      money (~> 6.12)
    money (6.19.0)
      i18n (>= 0.6.4, <= 2)
    msgpack (1.7.5)
    net-imap (0.5.1)
      date
      net-protocol
    net-pop (0.1.2)
      net-protocol
    net-protocol (0.2.2)
      timeout
    net-smtp (0.5.0)
      net-protocol
    nio4r (2.7.4)
    nokogiri (1.16.7-aarch64-linux)
      racc (~> 1.4)
    nokogiri (1.16.7-arm-linux)
      racc (~> 1.4)
    nokogiri (1.16.7-arm64-darwin)
      racc (~> 1.4)
    nokogiri (1.16.7-x86-linux)
      racc (~> 1.4)
    nokogiri (1.16.7-x86_64-darwin)
      racc (~> 1.4)
    nokogiri (1.16.7-x86_64-linux)
      racc (~> 1.4)
    orm_adapter (0.5.0)
    paperclip (6.1.0)
      activemodel (>= 4.2.0)
      activesupport (>= 4.2.0)
      mime-types
      mimemagic (~> 0.3.0)
      terrapin (~> 0.6.0)
    parallel (1.26.3)
    paranoia (3.0.0)
      activerecord (>= 6, < 8.1)
    parser (3.3.6.0)
      ast (~> 2.4.1)
      racc
    polyglot (0.3.5)
    popper_js (1.16.1)
    psych (5.2.0)
      stringio
    public_suffix (6.0.1)
    puma (6.5.0)
      nio4r (~> 2.0)
    racc (1.8.1)
    rack (3.1.8)
    rack-session (2.0.0)
      rack (>= 3.0.0)
    rack-test (2.1.0)
      rack (>= 1.3)
    rackup (2.2.1)
      rack (>= 3)
    rails (7.2.2)
      actioncable (= 7.2.2)
      actionmailbox (= 7.2.2)
      actionmailer (= 7.2.2)
      actionpack (= 7.2.2)
      actiontext (= 7.2.2)
      actionview (= 7.2.2)
      activejob (= 7.2.2)
      activemodel (= 7.2.2)
      activerecord (= 7.2.2)
      activestorage (= 7.2.2)
      activesupport (= 7.2.2)
      bundler (>= 1.15.0)
      railties (= 7.2.2)
    rails-dom-testing (2.2.0)
      activesupport (>= 5.0.0)
      minitest
      nokogiri (>= 1.6)
    rails-html-sanitizer (1.6.0)
      loofah (~> 2.21)
      nokogiri (~> 1.14)
    railties (7.2.2)
      actionpack (= 7.2.2)
      activesupport (= 7.2.2)
      irb (~> 1.13)
      rackup (>= 1.0.0)
      rake (>= 12.2)
      thor (~> 1.0, >= 1.2.2)
      zeitwerk (~> 2.6)
    rainbow (3.1.1)
    rake (13.2.1)
    ransack (4.2.1)
      activerecord (>= 6.1.5)
      activesupport (>= 6.1.5)
      i18n
    rdoc (6.8.1)
      psych (>= 4.0.0)
    regexp_parser (2.9.2)
    reline (0.5.11)
      io-console (~> 0.5)
    request_store (1.7.0)
      rack (>= 1.4)
    requestjs-rails (0.0.12)
      railties (>= 6.1.0)
    responders (3.1.1)
      actionpack (>= 5.2)
      railties (>= 5.2)
    rexml (3.3.9)
    rubocop (1.68.0)
      json (~> 2.3)
      language_server-protocol (>= 3.17.0)
      parallel (~> 1.10)
      parser (>= 3.3.0.2)
      rainbow (>= 2.2.2, < 4.0)
      regexp_parser (>= 2.4, < 3.0)
      rubocop-ast (>= 1.32.2, < 2.0)
      ruby-progressbar (~> 1.7)
      unicode-display_width (>= 2.4.0, < 3.0)
    rubocop-ast (1.36.1)
      parser (>= 3.3.1.0)
    rubocop-minitest (0.36.0)
      rubocop (>= 1.61, < 2.0)
      rubocop-ast (>= 1.31.1, < 2.0)
    rubocop-performance (1.23.0)
      rubocop (>= 1.48.1, < 2.0)
      rubocop-ast (>= 1.31.1, < 2.0)
    rubocop-rails (2.27.0)
      activesupport (>= 4.2.0)
      rack (>= 1.1)
      rubocop (>= 1.52.0, < 2.0)
      rubocop-ast (>= 1.31.1, < 2.0)
    rubocop-rails-omakase (1.0.0)
      rubocop
      rubocop-minitest
      rubocop-performance
      rubocop-rails
    ruby-progressbar (1.13.0)
    ruby-vips (2.2.2)
      ffi (~> 1.12)
      logger
    rubyzip (2.3.2)
    sass-rails (6.0.0)
      sassc-rails (~> 2.1, >= 2.1.1)
    sassc (2.4.0)
      ffi (~> 1.9)
    sassc-rails (2.1.2)
      railties (>= 4.0.0)
      sassc (>= 2.0)
      sprockets (> 3.0)
      sprockets-rails
      tilt
    securerandom (0.3.2)
    select2-rails (4.0.13)
    selenium-webdriver (4.26.0)
      base64 (~> 0.2)
      logger (~> 1.4)
      rexml (~> 3.2, >= 3.2.5)
      rubyzip (>= 1.2.2, < 3.0)
      websocket (~> 1.0)
    spree (4.10.1)
      spree_api (= 4.10.1)
      spree_cli (= 4.10.1)
      spree_core (= 4.10.1)
    spree_analytics_trackers (2.1.1)
      deface (~> 1.0)
      spree_backend (>= 4.1.0, < 5.0)
      spree_core (>= 4.1.0, < 5.0)
      spree_extension
    spree_api (4.10.1)
      bcrypt (~> 3.1)
      doorkeeper (~> 5.3)
      jsonapi-serializer (~> 2.1)
      spree_core (= 4.10.1)
    spree_auth_devise (4.6.3)
      devise (~> 4.7)
      devise-encryptable (= 0.2.0)
      spree_core (>= 4.5.0)
      spree_extension
    spree_backend (4.8.4)
      babel-transpiler (~> 0.7)
      bootstrap (~> 4.0)
      flag-icons-rails (~> 3.4)
      flatpickr (~> 4.6)
      glyphicons (~> 1.0)
      importmap-rails
      inline_svg (~> 1.5)
      jquery-rails (~> 4.3)
      jquery-ui-rails (>= 6, < 8)
      requestjs-rails
      responders
      sass-rails (>= 5)
      select2-rails (~> 4.0.6)
      spree (>= 4.7.0)
      sprockets (~> 4.0)
      stimulus-rails
      tinymce-rails (~> 5.0)
      turbo-rails
    spree_cli (4.10.1)
      thor (~> 1.0)
    spree_core (4.10.1)
      actionpack (>= 6.1, < 8.0)
      actionview (>= 6.1, < 8.0)
      active_storage_validations (~> 1.1)
      activejob (>= 6.1, < 8.0)
      activemerchant (~> 1.67)
      activemodel (>= 6.1, < 8.0)
      activerecord (>= 6.1, < 8.0)
      activerecord-typedstore
      activestorage (>= 6.1, < 8.0)
      activesupport (>= 6.1, < 8.0)
      acts_as_list (>= 0.8)
      auto_strip_attributes (~> 2.6)
      awesome_nested_set (~> 3.3, >= 3.3.1)
      cancancan (~> 3.2)
      carmen (>= 1.0)
      friendly_id (~> 5.2, >= 5.2.1)
      friendly_id-mobility (~> 1.0)
      highline (>= 2, < 4)
      image_processing (~> 1.2)
      kaminari (~> 1.2)
      mobility (~> 1.2)
      mobility-ransack (~> 1.2)
      monetize (~> 1.9)
      money (~> 6.13)
      paranoia (>= 2.4)
      railties (>= 6.1, < 8.0)
      ransack (>= 4.1)
      request_store (~> 1.7)
      rexml
      state_machines-activemodel (~> 0.7)
      state_machines-activerecord (~> 0.6)
      stringex
      tracking_number
      validates_zipcode
    spree_emails (4.10.1)
      actionmailer
      spree_core (>= 4.10.1)
      sprockets (>= 4.0)
    spree_extension (0.1.0)
      activerecord (>= 4.2)
      spree_core
    spree_frontend (4.8.0)
      active_link_to
      babel-transpiler (~> 0.7)
      bootstrap (~> 4.0)
      canonical-rails (~> 0.2, >= 0.2.10)
      flag-icons-rails (~> 3.4)
      glyphicons (~> 1.0)
      importmap-rails
      inline_svg (~> 1.5)
      jquery-rails (~> 4.3)
      responders
      sass-rails (>= 5)
      spree_api (~> 4.7)
      spree_core (~> 4.7)
      sprockets (~> 4.0)
      stimulus-rails
      turbo-rails
    spree_gateway (3.11.1)
      spree_core (>= 3.7)
      spree_extension
    spree_multi_vendor (2.5.0)
      deface (~> 1.0)
      spree (>= 4.6.0)
      spree_backend (>= 4.6.0)
      spree_emails (>= 4.6.0)
      spree_extension
    spree_sample (4.10.1)
      ffaker (~> 2.9)
      spree_core (>= 4.10.1)
    sprockets (4.2.1)
      concurrent-ruby (~> 1.0)
      rack (>= 2.2.4, < 4)
    sprockets-rails (3.5.2)
      actionpack (>= 6.1)
      activesupport (>= 6.1)
      sprockets (>= 3.0.0)
    sqlite3 (2.3.0-aarch64-linux-gnu)
    sqlite3 (2.3.0-aarch64-linux-musl)
    sqlite3 (2.3.0-arm-linux-gnu)
    sqlite3 (2.3.0-arm-linux-musl)
    sqlite3 (2.3.0-arm64-darwin)
    sqlite3 (2.3.0-x86-linux-gnu)
    sqlite3 (2.3.0-x86-linux-musl)
    sqlite3 (2.3.0-x86_64-darwin)
    sqlite3 (2.3.0-x86_64-linux-gnu)
    sqlite3 (2.3.0-x86_64-linux-musl)
    state_machines (0.6.0)
    state_machines-activemodel (0.9.0)
      activemodel (>= 6.0)
      state_machines (>= 0.6.0)
    state_machines-activerecord (0.9.0)
      activerecord (>= 6.0)
      state_machines-activemodel (>= 0.9.0)
    stimulus-rails (1.3.4)
      railties (>= 6.0.0)
    stringex (2.8.6)
    stringio (3.1.2)
    terrapin (0.6.0)
      climate_control (>= 0.0.3, < 1.0)
    thor (1.3.2)
    tilt (2.4.0)
    timeout (0.4.2)
    tinymce-rails (5.10.9)
      railties (>= 3.1.1)
    tracking_number (2.0.1)
      activesupport (>= 4.2.5)
      json (>= 1.8.3)
    turbo-rails (2.0.11)
      actionpack (>= 6.0.0)
      railties (>= 6.0.0)
    tzinfo (2.0.6)
      concurrent-ruby (~> 1.0)
    unicode-display_width (2.6.0)
    useragent (0.16.10)
    validates_zipcode (0.5.3)
      activemodel (>= 4.2.0)
    warden (1.2.9)
      rack (>= 2.0.9)
    web-console (4.2.1)
      actionview (>= 6.0.0)
      activemodel (>= 6.0.0)
      bindex (>= 0.4.0)
      railties (>= 6.0.0)
    websocket (1.2.11)
    websocket-driver (0.7.6)
      websocket-extensions (>= 0.1.0)
    websocket-extensions (0.1.5)
    xpath (3.2.0)
      nokogiri (~> 1.8)
    zeitwerk (2.7.1)

PLATFORMS
  aarch64-linux
  aarch64-linux-gnu
  aarch64-linux-musl
  arm-linux
  arm-linux-gnu
  arm-linux-musl
  arm64-darwin
  x86-linux
  x86-linux-gnu
  x86-linux-musl
  x86_64-darwin
  x86_64-linux
  x86_64-linux-gnu
  x86_64-linux-musl

DEPENDENCIES
  bootsnap
  brakeman
  capybara
  debug
  importmap-rails
  jbuilder
  puma (>= 5.0)
  rails (~> 7.2.2)
  rubocop-rails-omakase
  selenium-webdriver
  spree (~> 4.10)
  spree_auth_devise (~> 4.6)
  spree_backend (~> 4.7)
  spree_emails (~> 4.10)
  spree_frontend (~> 4.7)
  spree_gateway (~> 3.11)
  spree_multi_domain!
  spree_multi_vendor
  spree_reviews!
  spree_sample (~> 4.10)
  sprockets-rails
  sqlite3 (>= 1.4)
  stimulus-rails
  stringio (~> 3.1.2)
  turbo-rails
  tzinfo-data
  web-console

BUNDLED WITH
   2.5.22
